GEM
  remote: https://rubygems.org/
  specs:
    addressable (2.3.6)
    coderay (1.1.0)
    crack (0.4.2)
      safe_yaml (~> 1.0.0)
    metaclass (0.0.4)
    method_source (0.8.2)
    minitest (5.4.0)
    mocha (1.1.0)
      metaclass (~> 0.0.1)
    pry (0.10.1)
      coderay (~> 1.1.0)
      method_source (~> 0.8.1)
      slop (~> 3.4)
    rake (10.3.2)
    safe_yaml (1.0.3)
    slop (3.6.0)
    vcr (2.9.2)
    webmock (1.18.0)
      addressable (>= 2.3.6)
      crack (>= 0.3.2)

PLATFORMS
  ruby

DEPENDENCIES
  minitest (~> 5.4.0)
  mocha (~> 1.1.0)
  pry (~> 0.10.1)
  rake
  vcr (~> 2.9.2)
  webmock (~> 1.18.0)
