GEM
  remote: https://rubygems.org/
  specs:
    addressable (2.3.6)
    coderay (1.1.0)
    crack (0.4.2)
      safe_yaml (~> 1.0.0)
    httparty (0.13.1)
      json (~> 1.8)
      multi_xml (>= 0.5.2)
    json (1.8.1)
    metaclass (0.0.4)
    method_source (0.8.2)
    mini_portile (0.6.0)
    minitest (5.4.0)
    mocha (1.1.0)
      metaclass (~> 0.0.1)
    multi_xml (0.5.5)
    mysql (2.9.1)
    nokogiri (1.6.3.1)
      mini_portile (= 0.6.0)
    pry (0.10.1)
      coderay (~> 1.1.0)
      method_source (~> 0.8.1)
      slop (~> 3.4)
    pry-nav (0.2.4)
      pry (>= 0.9.10, < 0.11.0)
    rake (10.3.2)
    safe_yaml (1.0.3)
    sequel (4.14.0)
    slop (3.6.0)
    vcr (2.9.2)
    webmock (1.18.0)
      addressable (>= 2.3.6)
      crack (>= 0.3.2)

PLATFORMS
  ruby

DEPENDENCIES
  httparty (~> 0.13.1)
  minitest (~> 5.4.0)
  mocha (~> 1.1.0)
  mysql (~> 2.9.1)
  nokogiri (~> 1.6.3.1)
  pry (~> 0.10.1)
  pry-nav (~> 0.2.4)
  rake (~> 10.3.2)
  sequel (~> 4.14.0)
  vcr (~> 2.9.2)
  webmock (~> 1.18.0)
